GEM
  remote: http://gemcutter.org/
  specs:
    activesupport (3.0.3)
    brawne (0.0.5)
    rails_config (0.2.4)
      activesupport (>= 3.0)

PLATFORMS
  ruby

DEPENDENCIES
  brawne (= 0.0.5)
  rails_config
